PATH
  remote: .
  specs:
    freddy_floating_assist (0.1.1)

GEM
  remote: https://rubygems.org/
  specs:
    rake (10.5.0)

PLATFORMS
  ruby

DEPENDENCIES
  bundler (~> 1.17)
  freddy_floating_assist!
  rake (~> 10.0)

BUNDLED WITH
   1.17.3
